GEM
  remote: http://rubygems.org/
  specs:
    activesupport (3.0.1)
    addressable (2.2.2)
    bcrypt-ruby (2.1.2)
    daemons (1.1.0)
    data_objects (0.10.2)
      addressable (~> 2.1)
    dm-core (0.10.2)
      addressable (~> 2.1)
      extlib (~> 0.9.14)
    do_postgres (0.10.2)
      data_objects (= 0.10.2)
    eventmachine (0.12.10)
    extlib (0.9.15)
    haml (3.0.12)
    json (1.4.6)
    mail (2.2.7)
      activesupport (>= 2.3.6)
      mime-types
      treetop (>= 1.4.5)
    mime-types (1.16)
    polyglot (0.3.1)
    pony (1.0.1)
      mail (> 2.0)
    rack (1.2.1)
    shotgun (0.8)
      rack (>= 1.0)
    sinatra (1.0)
      rack (>= 1.0)
    sinatra_warden (0.3.1)
      sinatra (>= 0.9.4)
      warden (>= 0.10.3)
    thin (1.2.7)
      daemons (>= 1.0.9)
      eventmachine (>= 0.12.6)
      rack (>= 1.0.0)
    treetop (1.4.8)
      polyglot (>= 0.3.1)
    warden (1.0.1)
      rack (>= 1.0.0)

PLATFORMS
  ruby

DEPENDENCIES
  bcrypt-ruby
  data_objects (= 0.10.2)
  dm-core (= 0.10.2)
  do_postgres (= 0.10.2)
  haml (= 3.0.12)
  json
  pony
  shotgun
  sinatra (= 1.0)
  sinatra_warden
  thin (= 1.2.7)
